GEM
  remote: https://rubygems.org/
  specs:
    mini_portile (0.6.1)
    nokogiri (1.6.5)
      mini_portile (~> 0.6.0)
    nokogiri-pretty (0.1.0)
      nokogiri

PLATFORMS
  ruby

DEPENDENCIES
  nokogiri
  nokogiri-pretty

BUNDLED WITH
   1.11.2
